PATH
  remote: .
  specs:
    wasko (0.2.0)
      color
      thor
      thor (~> 0.15.4)

GEM
  remote: http://rubygems.org/
  specs:
    activesupport (3.2.8)
      i18n (~> 0.6)
      multi_json (~> 1.0)
    coderay (1.0.7)
    color (1.4.1)
    i18n (0.6.1)
    metaclass (0.0.1)
    method_source (0.8)
    mocha (0.12.4)
      metaclass (~> 0.0.1)
    multi_json (1.3.6)
    pry (0.9.10)
      coderay (~> 1.0.5)
      method_source (~> 0.8)
      slop (~> 3.3.1)
    rake (0.8.7)
    shoulda (3.1.1)
      shoulda-context (~> 1.0)
      shoulda-matchers (~> 1.2)
    shoulda-context (1.0.0)
    shoulda-matchers (1.2.0)
      activesupport (>= 3.0.0)
    slop (3.3.3)
    thor (0.15.4)

PLATFORMS
  ruby

DEPENDENCIES
  mocha (~> 0.12.4)
  pry (~> 0.9.10)
  rake
  shoulda (~> 3.1.1)
  wasko!
