GEM
  remote: http://rubygems.org/
  specs:
    color (1.4.1)
    git (1.2.5)
    jeweler (1.5.2)
      bundler (~> 1.0.0)
      git (>= 1.2.5)
      rake
    rake (0.9.0)
    rcov (0.9.9)
    shoulda (2.11.3)
    thor (0.14.6)

PLATFORMS
  ruby

DEPENDENCIES
  bundler (~> 1.0.0)
  color
  jeweler (~> 1.5.2)
  rcov
  shoulda
  thor
